GEM
  remote: http://rubygems.org/
  specs:
    builder (3.0.0)
    coderay (1.1.0)
    dotenv (0.9.0)
    haml (4.0.4)
      tilt
    json (1.6.5)
    jwt (0.1.4)
      json (>= 1.2.4)
    method_source (0.8.2)
    multi_json (1.0.4)
    pry (0.9.12.4)
      coderay (~> 1.0)
      method_source (~> 0.8)
      slop (~> 3.4)
    pry-doc (0.4.6)
      pry (>= 0.9)
      yard (>= 0.8)
    rack (1.6.13)
    rack-protection (1.2.0)
      rack
    sinatra (1.3.2)
      rack (~> 1.3, >= 1.3.6)
      rack-protection (~> 1.2)
      tilt (~> 1.3, >= 1.3.3)
    slop (3.4.7)
    tilt (1.3.3)
    twilio-ruby (3.5.0)
      builder (>= 2.1.2)
      jwt (>= 0.1.2)
      multi_json (>= 1.0.3)
    yard (0.8.7.3)

PLATFORMS
  ruby

DEPENDENCIES
  dotenv
  haml
  pry
  pry-doc
  sinatra
  twilio-ruby
